GEM
  remote: https://rubygems.org/
  specs:
    ftools (0.0.0)
    rack (1.5.2)
    rack-protection (1.5.0)
      rack
    sinatra (1.4.3)
      rack (~> 1.4)
      rack-protection (~> 1.4)
      tilt (~> 1.3, >= 1.3.4)
    tilt (1.4.1)
    zipruby (0.3.6)

PLATFORMS
  ruby

DEPENDENCIES
  ftools
  sinatra
  zipruby
